PATH
  remote: .
  specs:
    gem_with_extension_example (0.0.0)

GEM
  remote: http://rubygems.org/
  specs:
    rake (0.9.2)
    rake-compiler (0.7.9)
      rake

PLATFORMS
  ruby

DEPENDENCIES
  gem_with_extension_example!
  rake-compiler
